GEM
  remote: http://rubygems.org/
  specs:
    albacore (3.0.1)
      map (~> 6.5)
      nokogiri (~> 1.5)
      rake (~> 10)
      semver2 (~> 3.4)
    map (6.6.0)
    mini_portile2 (2.8.6)
    nokogiri (1.16.5)
      mini_portile2 (~> 2.8.2)
      racc (~> 1.4)
    nokogiri (1.16.5-x64-mingw32)
      racc (~> 1.4)
    nokogiri (1.16.5-x86-mingw32)
      racc (~> 1.4)
    racc (1.7.3)
    rake (10.5.0)
    semver2 (3.4.2)

PLATFORMS
  ruby
  x64-mingw32
  x86-mingw32

DEPENDENCIES
  albacore (~> 3.0.1)

BUNDLED WITH
   1.17.1
